PATH
  remote: .
  specs:
    evolvable (1.2.0)

GEM
  remote: https://rubygems.org/
  specs:
    kramdown (2.3.1)
      rexml
    pastel (0.8.0)
      tty-color (~> 0.5)
    readme_yard (0.2.0)
      tty-markdown (~> 0.7)
      yard-readme (~> 0.3)
    rexml (3.2.5)
    rouge (3.27.0)
    strings (0.2.1)
      strings-ansi (~> 0.2)
      unicode-display_width (>= 1.5, < 3.0)
      unicode_utils (~> 1.4)
    strings-ansi (0.2.0)
    tty-color (0.6.0)
    tty-markdown (0.7.0)
      kramdown (>= 1.16.2, < 3.0)
      pastel (~> 0.8)
      rouge (~> 3.14)
      strings (~> 0.2.0)
      tty-color (~> 0.5)
      tty-screen (~> 0.8)
    tty-screen (0.8.1)
    unicode-display_width (2.1.0)
    unicode_utils (1.4.0)
    yard (0.9.36)
    yard-readme (0.3.0)
      yard (~> 0.9.26)

PLATFORMS
  ruby
  x86_64-darwin-18

DEPENDENCIES
  bundler (~> 2.0)
  evolvable!
  readme_yard
  yard

BUNDLED WITH
   2.2.15
