PATH
  remote: .
  specs:
    evolvable (1.0.1)

GEM
  remote: https://rubygems.org/
  specs:

PLATFORMS
  ruby
  x86_64-darwin-18

DEPENDENCIES
  bundler (~> 2.0)
  evolvable!

BUNDLED WITH
   2.2.0
