PATH
  remote: .
  specs:
    evolvable (1.0.1)

GEM
  remote: https://rubygems.org/
  specs:
    byebug (11.1.3)

PLATFORMS
  ruby
  x86_64-darwin-18

DEPENDENCIES
  bundler (~> 2.0)
  byebug
  evolvable!

BUNDLED WITH
   2.2.6
