PATH
  remote: .
  specs:
    evolvable (0.1.3)

GEM
  remote: https://rubygems.org/
  specs:
    ast (2.4.0)
    byebug (11.0.0)
    jaro_winkler (1.5.2)
    parallel (1.13.0)
    parser (2.6.0.0)
      ast (~> 2.4.0)
    powerpack (0.1.2)
    rainbow (3.0.0)
    rubocop (0.64.0)
      jaro_winkler (~> 1.5.1)
      parallel (~> 1.10)
      parser (>= 2.5, != 2.5.1.1)
      powerpack (~> 0.1)
      rainbow (>= 2.2.2, < 4.0)
      ruby-progressbar (~> 1.7)
      unicode-display_width (~> 1.4.0)
    ruby-progressbar (1.10.0)
    unicode-display_width (1.4.1)

PLATFORMS
  ruby

DEPENDENCIES
  bundler (~> 2.0)
  byebug (~> 11.0)
  evolvable!
  rubocop (~> 0.64.0)

BUNDLED WITH
   2.0.1
