PATH
  remote: .
  specs:
    evolvable (2.0.0)

GEM
  remote: https://rubygems.org/
  specs:
    date (3.4.1)
    debug (1.10.0)
      irb (~> 1.10)
      reline (>= 0.3.8)
    io-console (0.8.0)
    irb (1.15.2)
      pp (>= 0.6.0)
      rdoc (>= 4.0.0)
      reline (>= 0.4.2)
    kramdown (2.5.1)
      rexml (>= 3.3.9)
    pastel (0.8.0)
      tty-color (~> 0.5)
    pp (0.6.2)
      prettyprint
    prettyprint (0.2.0)
    psych (5.2.4)
      date
      stringio
    rdoc (6.13.1)
      psych (>= 4.0.0)
    readme_yard (0.3.0)
      tty-markdown (~> 0.7)
      yard (~> 0.9)
      yard-readme (~> 0.5)
    reline (0.6.1)
      io-console (~> 0.5)
    rexml (3.4.1)
    rouge (4.5.2)
    stringio (3.1.7)
    strings (0.2.1)
      strings-ansi (~> 0.2)
      unicode-display_width (>= 1.5, < 3.0)
      unicode_utils (~> 1.4)
    strings-ansi (0.2.0)
    tty-color (0.6.0)
    tty-markdown (0.7.2)
      kramdown (>= 1.16.2, < 3.0)
      pastel (~> 0.8)
      rouge (>= 3.14, < 5.0)
      strings (~> 0.2.0)
      tty-color (~> 0.5)
      tty-screen (~> 0.8)
    tty-screen (0.8.2)
    unicode-display_width (2.6.0)
    unicode_utils (1.4.0)
    yard (0.9.37)
    yard-readme (0.6.0)

PLATFORMS
  ruby
  x86_64-darwin-18

DEPENDENCIES
  debug
  evolvable!
  irb (>= 1.0)
  readme_yard (>= 0.3)

BUNDLED WITH
   2.6.8
