PATH
  remote: .
  specs:
    evolvable (0.1.3)

GEM
  remote: https://rubygems.org/
  specs:

PLATFORMS
  ruby

DEPENDENCIES
  bundler (~> 2.0)
  evolvable!

BUNDLED WITH
   2.0.1
